GIT
  remote: git://github.com/radar/fake_braintree_redirect.git
  revision: 10e024564282d44f46148a7af4d451668a5bebf0
  branch: master
  specs:
    fake_braintree_redirect (1.0.0)
      braintree (~> 2.40.0)
      rack

PATH
  remote: .
  specs:
    cdgsubengine (1.0.1)
      bcrypt (= 3.1.7)
      braintree (= 2.40.0)
      dynamic_form (= 1.1.4)
      houser (= 1.0.2)
      pg
      rails (~> 4.1.1)
      warden (= 1.2.3)

GEM
  remote: https://rubygems.org/
  specs:
    actionmailer (4.1.10)
      actionpack (= 4.1.10)
      actionview (= 4.1.10)
      mail (~> 2.5, >= 2.5.4)
    actionpack (4.1.10)
      actionview (= 4.1.10)
      activesupport (= 4.1.10)
      rack (~> 1.5.2)
      rack-test (~> 0.6.2)
    actionview (4.1.10)
      activesupport (= 4.1.10)
      builder (~> 3.1)
      erubis (~> 2.7.0)
    activemodel (4.1.10)
      activesupport (= 4.1.10)
      builder (~> 3.1)
    activerecord (4.1.10)
      activemodel (= 4.1.10)
      activesupport (= 4.1.10)
      arel (~> 5.0.0)
    activesupport (4.1.10)
      i18n (~> 0.6, >= 0.6.9)
      json (~> 1.7, >= 1.7.7)
      minitest (~> 5.1)
      thread_safe (~> 0.1)
      tzinfo (~> 1.1)
    arel (5.0.1.20140414130214)
    bcrypt (3.1.7)
    braintree (2.40.0)
      builder (>= 2.0.0)
    builder (3.2.2)
    capybara (2.3.0)
      mime-types (>= 1.16)
      nokogiri (>= 1.3.3)
      rack (>= 1.0.0)
      rack-test (>= 0.5.4)
      xpath (~> 2.0)
    database_cleaner (1.3.0)
    diff-lcs (1.2.5)
    dynamic_form (1.1.4)
    erubis (2.7.0)
    factory_girl (4.4.0)
      activesupport (>= 3.0.0)
    houser (1.0.2)
      rack
    i18n (0.7.0)
    json (1.8.2)
    mail (2.6.3)
      mime-types (>= 1.16, < 3)
    mime-types (2.4.3)
    mini_portile (0.6.2)
    minitest (5.6.0)
    nokogiri (1.6.6.2)
      mini_portile (~> 0.6.0)
    pg (0.18.1)
    rack (1.5.2)
    rack-test (0.6.3)
      rack (>= 1.0)
    rails (4.1.10)
      actionmailer (= 4.1.10)
      actionpack (= 4.1.10)
      actionview (= 4.1.10)
      activemodel (= 4.1.10)
      activerecord (= 4.1.10)
      activesupport (= 4.1.10)
      bundler (>= 1.3.0, < 2.0)
      railties (= 4.1.10)
      sprockets-rails (~> 2.0)
    railties (4.1.10)
      actionpack (= 4.1.10)
      activesupport (= 4.1.10)
      rake (>= 0.8.7)
      thor (>= 0.18.1, < 2.0)
    rake (10.4.2)
    rspec-core (3.0.4)
      rspec-support (~> 3.0.0)
    rspec-expectations (3.0.4)
      diff-lcs (>= 1.2.0, < 2.0)
      rspec-support (~> 3.0.0)
    rspec-mocks (3.0.4)
      rspec-support (~> 3.0.0)
    rspec-rails (3.0.1)
      actionpack (>= 3.0)
      activesupport (>= 3.0)
      railties (>= 3.0)
      rspec-core (~> 3.0.0)
      rspec-expectations (~> 3.0.0)
      rspec-mocks (~> 3.0.0)
      rspec-support (~> 3.0.0)
    rspec-support (3.0.4)
    sprockets (3.0.1)
      rack (~> 1.0)
    sprockets-rails (2.2.4)
      actionpack (>= 3.0)
      activesupport (>= 3.0)
      sprockets (>= 2.8, < 4.0)
    sqlite3 (1.3.10)
    thor (0.19.1)
    thread_safe (0.3.5)
    tzinfo (1.2.2)
      thread_safe (~> 0.1)
    warden (1.2.3)
      rack (>= 1.0)
    xpath (2.0.0)
      nokogiri (~> 1.3)

PLATFORMS
  ruby

DEPENDENCIES
  capybara (= 2.3.0)
  cdgsubengine!
  database_cleaner (= 1.3.0)
  factory_girl (= 4.4.0)
  fake_braintree_redirect!
  rspec-rails (= 3.0.1)
  sqlite3
